NUGET
  remote: https://www.nuget.org/api/v2
  specs:
    FSharp.Core (4.0.0.1)
    FsUnit (1.3.1.0) - framework: >= net45
      NUnit (2.6.4)
    NUnit (2.6.4) - framework: >= net45
    NUnit.Runners (2.6.4)
